GIT
  remote: git://github.com/airbnb/nerve.git
  revision: c910e06563961b836181d52aa5e58d8d42447e5b
  specs:
    nerve (0.5.3)
      bunny (= 1.1.0)
      etcd (~> 0.2.3)
      json
      zk (~> 1.9.2)

PATH
  remote: .
  specs:
    nerve_registry (0.0.1)
      nerve (~> 0.5.3)

GEM
  remote: https://rubygems.org/
  specs:
    amq-protocol (1.9.2)
    bunny (1.1.0)
      amq-protocol (>= 1.9.2)
    etcd (0.2.3)
      mixlib-log
    json (1.8.1)
    little-plugger (1.1.3)
    logging (1.8.2)
      little-plugger (>= 1.1.3)
      multi_json (>= 1.8.4)
    mixlib-log (1.6.0)
    multi_json (1.10.1)
    rake (10.3.2)
    zk (1.9.4)
      logging (~> 1.8.2)
      zookeeper (~> 1.4.0)
    zookeeper (1.4.8)

PLATFORMS
  ruby

DEPENDENCIES
  bundler (~> 1.6)
  nerve!
  nerve_registry!
  rake
